GEM
  remote: http://rubygems.org/
  specs:
    nest (1.1.0)
      redis (~> 2.1)
    ohm (0.1.3)
      nest (~> 1.0)
    ohm-contrib (0.1.2)
      ohm
    redis (2.2.2)

PLATFORMS
  ruby

DEPENDENCIES
  ohm
  ohm-contrib
